GEM
  remote: http://rubygems.org/
  specs:
    childprocess (0.5.9)
      ffi (~> 1.0, >= 1.0.11)
    dotenv (2.1.2)
    ffi (1.9.17)
    httparty (0.14.0)
      multi_xml (>= 0.5.2)
    multi_xml (0.6.0)
    puma (3.6.2)
    rack (1.6.5)
    rack-protection (1.5.3)
      rack
    rmagick (2.16.0)
    rubyzip (1.2.0)
    selenium-webdriver (3.0.5)
      childprocess (~> 0.5)
      rubyzip (~> 1.0)
      websocket (~> 1.0)
    shotgun (0.9.2)
      rack (>= 1.0)
    sinatra (1.4.7)
      rack (~> 1.5)
      rack-protection (~> 1.4)
      tilt (>= 1.3, < 3)
    sinatra-flash (0.3.0)
      sinatra (>= 1.0.0)
    tilt (2.0.5)
    websocket (1.2.3)

PLATFORMS
  ruby

DEPENDENCIES
  dotenv
  httparty
  puma
  rmagick
  selenium-webdriver
  shotgun
  sinatra
  sinatra-flash

RUBY VERSION
   ruby 2.3.1p112

BUNDLED WITH
   1.14.0
